GEM
  remote: https://rubygems.org/
  specs:
    activemodel (3.2.12)
      activesupport (= 3.2.12)
      builder (~> 3.0.0)
    activerecord (3.2.12)
      activemodel (= 3.2.12)
      activesupport (= 3.2.12)
      arel (~> 3.0.2)
      tzinfo (~> 0.3.29)
    activesupport (3.2.12)
      i18n (~> 0.6)
      multi_json (~> 1.0)
    arel (3.0.2)
    builder (3.0.4)
    childprocess (0.3.9)
      ffi (~> 1.0, >= 1.0.11)
    coderay (1.0.9)
    coffee-script (2.2.0)
      coffee-script-source
      execjs
    coffee-script-source (1.6.2)
    database_cleaner (0.9.1)
    diff-lcs (1.2.1)
    execjs (1.4.0)
      multi_json (~> 1.0)
    factory_girl (4.2.0)
      activesupport (>= 3.0.0)
    ffi (1.6.0)
    formatador (0.2.4)
    guard (1.7.0)
      formatador (>= 0.2.4)
      listen (>= 0.6.0)
      lumberjack (>= 1.0.2)
      pry (>= 0.9.10)
      thor (>= 0.14.6)
    guard-rspec (2.5.1)
      guard (>= 1.1)
      rspec (~> 2.11)
    guard-spork (1.5.0)
      childprocess (>= 0.2.3)
      guard (>= 1.1)
      spork (>= 0.8.4)
    haml (4.0.1)
      tilt
    hashr (0.0.22)
    http_router (0.11.0)
      rack (>= 1.0.0)
      url_mount (~> 0.2.1)
    i18n (0.6.4)
    listen (0.7.3)
    lumberjack (1.0.3)
    mail (2.5.3)
      i18n (>= 0.4.0)
      mime-types (~> 1.16)
      treetop (~> 1.4.8)
    method_source (0.8.1)
    mime-types (1.21)
    multi_json (1.7.2)
    padrino (0.11.0)
      padrino-admin (= 0.11.0)
      padrino-cache (= 0.11.0)
      padrino-core (= 0.11.0)
      padrino-gen (= 0.11.0)
      padrino-helpers (= 0.11.0)
      padrino-mailer (= 0.11.0)
    padrino-admin (0.11.0)
      padrino-core (= 0.11.0)
      padrino-helpers (= 0.11.0)
    padrino-cache (0.11.0)
      padrino-core (= 0.11.0)
      padrino-helpers (= 0.11.0)
    padrino-core (0.11.0)
      activesupport (>= 3.1.0)
      http_router (~> 0.11.0)
      rack-protection (>= 1.5.0)
      sinatra (~> 1.4.2)
      thor (~> 0.17.0)
      tilt (~> 1.3.0)
    padrino-gen (0.11.0)
      bundler (~> 1.0)
      padrino-core (= 0.11.0)
    padrino-helpers (0.11.0)
      i18n (~> 0.6)
      padrino-core (= 0.11.0)
    padrino-mailer (0.11.0)
      mail (~> 2.5.3)
      padrino-core (= 0.11.0)
    polyglot (0.3.3)
    pry (0.9.12)
      coderay (~> 1.0.5)
      method_source (~> 0.8)
      slop (~> 3.4)
    rack (1.5.2)
    rack-coffee (1.0.0)
      coffee-script
      rack
    rack-protection (1.5.0)
      rack
    rack-test (0.6.2)
      rack (>= 1.0)
    rake (10.0.4)
    rb-fchange (0.0.6)
      ffi
    rb-fsevent (0.9.3)
    rb-inotify (0.9.0)
      ffi (>= 0.5.0)
    rspec (2.13.0)
      rspec-core (~> 2.13.0)
      rspec-expectations (~> 2.13.0)
      rspec-mocks (~> 2.13.0)
    rspec-core (2.13.1)
    rspec-expectations (2.13.0)
      diff-lcs (>= 1.1.3, < 2.0)
    rspec-mocks (2.13.0)
    ruby_gntp (0.3.4)
    sass (3.2.7)
    sinatra (1.4.2)
      rack (~> 1.5, >= 1.5.2)
      rack-protection (~> 1.4)
      tilt (~> 1.3, >= 1.3.4)
    sinatra-flash (0.3.0)
      sinatra (>= 1.0.0)
    slop (3.4.4)
    spork (0.9.2)
    sqlite3 (1.3.7)
    thor (0.17.0)
    tilt (1.3.6)
    treetop (1.4.12)
      polyglot
      polyglot (>= 0.3.1)
    tzinfo (0.3.37)
    url_mount (0.2.1)
      rack

PLATFORMS
  ruby

DEPENDENCIES
  activerecord
  database_cleaner
  factory_girl
  guard
  guard-rspec
  guard-spork
  haml
  hashr
  padrino (= 0.11.0)
  rack-coffee
  rack-test
  rake
  rb-fchange
  rb-fsevent
  rb-inotify
  rspec
  ruby_gntp
  sass
  sinatra-flash
  spork
  sqlite3
